NUGET
  remote: https://www.nuget.org/api/v2
  specs:
    Argu (1.1.3) - framework: >= net45
    Newtonsoft.Json (7.0.1) - framework: >= net45
    NuGet.CommandLine (3.3.0)
    Persimmon (1.0.1) - framework: >= net45
    Persimmon.Console (1.0.1) - framework: >= net452
    Persimmon.Runner (1.0.1) - framework: >= net45
      Persimmon (>= 1.0.1)
    Persimmon.Script (1.0.1) - framework: >= net45
      Persimmon (>= 1.0.1)
